GEM
  remote: https://rubygems.org/
  specs:
    rack (2.0.2)
    rack-host-redirect (1.3.0)
      rack

PLATFORMS
  ruby

DEPENDENCIES
  rack-host-redirect

BUNDLED WITH
   1.14.6
